GIT
  remote: http://github.com/spree/spree.git
  revision: 17e74dd1e908d80d3129f09f72bbac3ceffcde80
  specs:
    spree (0.60.99)
      spree_api (= 0.60.99)
      spree_auth (= 0.60.99)
      spree_core (= 0.60.99)
      spree_dash (= 0.60.99)
      spree_promo (= 0.60.99)
      spree_sample (= 0.60.99)
    spree_api (0.60.99)
      spree_core (= 0.60.99)
    spree_auth (0.60.99)
      cancan (= 1.5.1)
      devise (= 1.2.rc2)
      spree_core (= 0.60.99)
    spree_core (0.60.99)
      activemerchant (= 1.12.0)
      acts_as_list (= 0.1.2)
      faker (= 0.9.5)
      highline (= 1.5.1)
      jquery-rails (= 0.2.6)
      meta_search (= 1.0.1)
      nested_set (= 1.6.4)
      paperclip (= 2.3.8)
      rails (= 3.0.5)
      rd_find_by_param (= 0.1.1)
      rd_resource_controller
      rd_unobtrusive_date_picker (= 0.1.0)
      state_machine (= 0.9.4)
      stringex (= 1.0.3)
      will_paginate (= 3.0.pre2)
    spree_dash (0.60.99)
      spree_core (= 0.60.99)
    spree_promo (0.60.99)
      spree_core (= 0.60.99)
    spree_sample (0.60.99)
      spree_core (= 0.60.99)

PATH
  remote: vendor/extensions/jolly
  specs:
    jolly (0.60.99)
      spree_core (>= 0.60.99)

PATH
  remote: vendor/gems/spree_easy_contact-1.0.2
  specs:
    spree_easy_contact (1.0.2)

GEM
  remote: http://rubygems.org/
  specs:
    abstract (1.0.0)
    actionmailer (3.0.5)
      actionpack (= 3.0.5)
      mail (~> 2.2.15)
    actionpack (3.0.5)
      activemodel (= 3.0.5)
      activesupport (= 3.0.5)
      builder (~> 2.1.2)
      erubis (~> 2.6.6)
      i18n (~> 0.4)
      rack (~> 1.2.1)
      rack-mount (~> 0.6.13)
      rack-test (~> 0.5.7)
      tzinfo (~> 0.3.23)
    activemerchant (1.12.0)
      activesupport (>= 2.3.8)
      braintree (>= 2.0.0)
      builder (>= 2.0.0)
    activemodel (3.0.5)
      activesupport (= 3.0.5)
      builder (~> 2.1.2)
      i18n (~> 0.4)
    activerecord (3.0.5)
      activemodel (= 3.0.5)
      activesupport (= 3.0.5)
      arel (~> 2.0.2)
      tzinfo (~> 0.3.23)
    activeresource (3.0.5)
      activemodel (= 3.0.5)
      activesupport (= 3.0.5)
    activesupport (3.0.5)
    acts_as_list (0.1.2)
    arel (2.0.9)
    bcrypt-ruby (2.1.4)
    braintree (2.9.1)
      builder
    builder (2.1.2)
    cancan (1.5.1)
    ckeditor (3.4.2.pre)
      mime-types (>= 1.16)
    columnize (0.3.2)
    devise (1.2.rc2)
      bcrypt-ruby (~> 2.1.2)
      orm_adapter (~> 0.0.3)
      warden (~> 1.0.3)
    erubis (2.6.6)
      abstract (>= 1.0.0)
    faker (0.9.5)
      i18n (~> 0.4)
    haml (3.0.25)
    highline (1.5.1)
    honeypot-captcha (0.0.2)
    i18n (0.5.0)
    jquery-rails (0.2.6)
      rails (~> 3.0)
      thor (~> 0.14.4)
    linecache (0.43)
    mail (2.2.15)
      activesupport (>= 2.3.6)
      i18n (>= 0.4.0)
      mime-types (~> 1.16)
      treetop (~> 1.4.8)
    meta_search (1.0.1)
      actionpack (~> 3.0.2)
      activerecord (~> 3.0.2)
      activesupport (~> 3.0.2)
      arel (~> 2.0.2)
    mime-types (1.16)
    nested_set (1.6.4)
      activerecord (>= 3.0.0)
      railties (>= 3.0.0)
    orm_adapter (0.0.4)
    paperclip (2.3.8)
      activerecord
      activesupport
    polyglot (0.3.1)
    rack (1.2.2)
    rack-mount (0.6.14)
      rack (>= 1.0.0)
    rack-test (0.5.7)
      rack (>= 1.0)
    rails (3.0.5)
      actionmailer (= 3.0.5)
      actionpack (= 3.0.5)
      activerecord (= 3.0.5)
      activeresource (= 3.0.5)
      activesupport (= 3.0.5)
      bundler (~> 1.0)
      railties (= 3.0.5)
    railties (3.0.5)
      actionpack (= 3.0.5)
      activesupport (= 3.0.5)
      rake (>= 0.8.7)
      thor (~> 0.14.4)
    rake (0.8.7)
    rd_find_by_param (0.1.1)
      activerecord (~> 3.0)
      activesupport (~> 3.0)
    rd_resource_controller (1.0.1)
    rd_unobtrusive_date_picker (0.1.0)
    ruby-debug (0.10.4)
      columnize (>= 0.1)
      ruby-debug-base (~> 0.10.4.0)
    ruby-debug-base (0.10.4)
      linecache (>= 0.3)
    sqlite3 (1.3.3)
    state_machine (0.9.4)
    stringex (1.0.3)
    thor (0.14.6)
    treetop (1.4.9)
      polyglot (>= 0.3.1)
    tzinfo (0.3.25)
    warden (1.0.3)
      rack (>= 1.0.0)
    will_paginate (3.0.pre2)

PLATFORMS
  ruby

DEPENDENCIES
  ckeditor (= 3.4.2.pre)
  haml
  honeypot-captcha
  jolly!
  rails (= 3.0.5)
  ruby-debug
  spree!
  spree_easy_contact (= 1.0.2)!
  sqlite3
